GEM
  remote: http://rubygems.org/
  specs:
    adsf (1.1.1)
      rack (>= 1.0.0)
    colored (1.2)
    commonjs (0.2.6)
    cri (2.3.0)
      colored (>= 1.2)
    less (2.3.1)
      commonjs (~> 0.2.6)
    mime-types (1.21)
    nanoc (3.6.2)
      cri (~> 2.3)
    nokogiri (1.5.9)
    rack (1.5.2)
    rainpress (1.0)

PLATFORMS
  ruby

DEPENDENCIES
  adsf
  less
  mime-types
  nanoc
  nokogiri
  rainpress
